GEM
  remote: https://rubygems.org/
  specs:
    concurrent-ruby (1.1.3)
    connection_pool (2.2.2)
    curb (0.9.7)
    dotenv (2.5.0)
    faraday (0.15.3)
      multipart-post (>= 1.2, < 3)
    hash_dot (2.4.1)
    i18n (1.1.1)
      concurrent-ruby (~> 1.0)
    json (2.2.0)
    json-minify (0.0.3)
      json (> 0)
    money (6.13.1)
      i18n (>= 0.6.4, <= 2)
    multipart-post (2.0.0)
    mustermann (1.0.3)
    net-http-persistent (3.0.0)
      connection_pool (~> 2.2)
    rack (2.0.6)
    rack-protection (2.0.4)
      rack
    sinatra (2.0.4)
      mustermann (~> 1.0)
      rack (~> 2.0)
      rack-protection (= 2.0.4)
      tilt (~> 2.0)
    sinatra-subdomain (0.3.0)
      sinatra
    stripe (4.0.3)
      faraday (~> 0.13)
      net-http-persistent (~> 3.0)
    tilt (2.0.8)

PLATFORMS
  ruby

DEPENDENCIES
  curb
  dotenv
  hash_dot
  json-minify
  money
  sinatra
  sinatra-subdomain
  stripe

BUNDLED WITH
   1.17.1
