GEM
  remote: https://rubygems.org/
  specs:
    concurrent-ruby (1.1.3)
    hash_dot (2.4.1)
    i18n (1.1.1)
      concurrent-ruby (~> 1.0)
    money (6.13.1)
      i18n (>= 0.6.4, <= 2)
    mustermann (1.0.3)
    rack (2.0.6)
    rack-protection (2.0.4)
      rack
    sinatra (2.0.4)
      mustermann (~> 1.0)
      rack (~> 2.0)
      rack-protection (= 2.0.4)
      tilt (~> 2.0)
    sinatra-subdomain (0.3.0)
      sinatra
    tilt (2.0.8)

PLATFORMS
  ruby

DEPENDENCIES
  hash_dot
  money
  sinatra
  sinatra-subdomain

BUNDLED WITH
   1.17.1
